GIT
  remote: https://github.com/dradis/dradis-acunetix.git
  revision: b2466ae0b3c092219fcab090f4665596debd19d2
  branch: release-4.18.0
  specs:
    dradis-acunetix (4.18.0)
      dradis-plugins (~> 4.0)
      nokogiri (~> 1.3)

GIT
  remote: https://github.com/dradis/dradis-brakeman.git
  revision: 96e31de34d02bf9764ed18d79af51210cc78f791
  branch: release-4.18.0
  specs:
    dradis-brakeman (4.18.0)
      dradis-plugins (~> 4.0)

GIT
  remote: https://github.com/dradis/dradis-burp.git
  revision: f3368e17c95b299f41753b1f4b04fcccb290291b
  branch: release-4.18.0
  specs:
    dradis-burp (4.18.0)
      dradis-plugins (~> 4.0)
      nokogiri (~> 1.3)

GIT
  remote: https://github.com/dradis/dradis-calculator_cvss.git
  revision: c8935582c3e66070e70fba9e600c6b9d742e4f5b
  branch: release-4.18.0
  specs:
    dradis-calculator_cvss (4.18.0)
      dradis-plugins (~> 4.0)

GIT
  remote: https://github.com/dradis/dradis-calculator_dread.git
  revision: feb6f6f73afc98e8e9d339756b749164038cb251
  branch: release-4.18.0
  specs:
    dradis-calculator_dread (4.18.0)
      dradis-plugins (~> 4.0)

GIT
  remote: https://github.com/dradis/dradis-calculator_mitre.git
  revision: bd8d9665b851d30d111330469a71262573d1b68a
  branch: release-4.18.0
  specs:
    dradis-calculator_mitre (4.18.0)
      dradis-plugins (~> 4.0)

GIT
  remote: https://github.com/dradis/dradis-coreimpact.git
  revision: 3ad516f4030636ef70487e4c27bb681168cb1af1
  branch: release-4.18.0
  specs:
    dradis-coreimpact (4.18.0)
      dradis-plugins (~> 4.0)

GIT
  remote: https://github.com/dradis/dradis-csv.git
  revision: 926ca524bad7d78d57fbd55d4f67845159efc6ca
  branch: release-4.18.0
  specs:
    dradis-csv (4.18.0)
      dradis-plugins (~> 4.0)

GIT
  remote: https://github.com/dradis/dradis-csv_export.git
  revision: 142b1eb691c984123774493d9d6281a6e50cd774
  branch: release-4.18.0
  specs:
    dradis-csv_export (4.18.0)
      dradis-plugins (>= 4.8.0)

GIT
  remote: https://github.com/dradis/dradis-html_export.git
  revision: 60ff3114ec42b4136e9226f44a8cefa907626bae
  branch: release-4.18.0
  specs:
    dradis-html_export (4.18.0)
      RedCloth (~> 4.3.2)
      dradis-plugins (>= 4.8.0)
      rails_autolink (~> 1.1)

GIT
  remote: https://github.com/dradis/dradis-metasploit.git
  revision: 4d3fae71ea75127df3112838150e80228a81fceb
  branch: release-4.18.0
  specs:
    dradis-metasploit (4.18.0)
      dradis-plugins (~> 4.0)
      nokogiri (~> 1.3)

GIT
  remote: https://github.com/dradis/dradis-nessus.git
  revision: 100c184fa143393b0bfa92eb88e9ce4ea3bbf1a2
  branch: release-4.18.0
  specs:
    dradis-nessus (4.18.0)
      dradis-plugins (~> 4.0)
      nokogiri

GIT
  remote: https://github.com/dradis/dradis-netsparker.git
  revision: 6b7f0004dc6dce215a09ef39954a2a26ed15736b
  branch: release-4.18.0
  specs:
    dradis-netsparker (4.18.0)
      dradis-plugins (~> 4.0)
      nokogiri (>= 1.12.5)

GIT
  remote: https://github.com/dradis/dradis-nexpose.git
  revision: 05f7b709482a4c2f4ef2faac54397484f26fc1af
  branch: release-4.18.0
  specs:
    dradis-nexpose (4.18.0)
      dradis-plugins (~> 4.0)
      nokogiri (~> 1.3)

GIT
  remote: https://github.com/dradis/dradis-nikto.git
  revision: eb175e0c9c18439037817f7e112145a1973cfea9
  branch: release-4.18.0
  specs:
    dradis-nikto (4.18.0)
      dradis-plugins (~> 4.0)
      nokogiri (~> 1.3)

GIT
  remote: https://github.com/dradis/dradis-nipper.git
  revision: 18e42d84a19ec7965db8afc297dc3ac33f546e7b
  branch: release-4.18.0
  specs:
    dradis-nipper (4.18.0)
      dradis-plugins (~> 4.0)

GIT
  remote: https://github.com/dradis/dradis-nmap.git
  revision: 005f23bcf5ec610e5976fb500335aab47e33e6a3
  branch: release-4.18.0
  specs:
    dradis-nmap (4.18.0)
      dradis-plugins (~> 4.0)
      ruby-nmap (~> 0.7)

GIT
  remote: https://github.com/dradis/dradis-ntospider.git
  revision: 60ae2f57cc4f822612df0bdf2cf70cbc7d59c4ef
  branch: release-4.18.0
  specs:
    dradis-ntospider (4.18.0)
      dradis-plugins (~> 4.0)

GIT
  remote: https://github.com/dradis/dradis-openvas.git
  revision: 6ac0e75b414c9b76482d8695c55bc6a60938ddfc
  branch: release-4.18.0
  specs:
    dradis-openvas (4.18.0)
      dradis-plugins (~> 4.0)

GIT
  remote: https://github.com/dradis/dradis-pentera.git
  revision: a4985c53729b6578b3a56a9f957f1f6aedaad2b4
  branch: release-4.18.0
  specs:
    dradis-pentera (4.18.0)
      dradis-plugins (~> 4.0)

GIT
  remote: https://github.com/dradis/dradis-plugins.git
  revision: 769f83edc77c993e06cc23ce80a380be7cba69d9
  branch: release-4.18.0
  specs:
    dradis-plugins (4.18.0)

GIT
  remote: https://github.com/dradis/dradis-projects.git
  revision: b153ca6fef9b35d98add28b9ed0cc3f0a190b9c7
  branch: release-4.18.0
  specs:
    dradis-projects (4.18.0)
      dradis-plugins (>= 4.8.0)
      rubyzip

GIT
  remote: https://github.com/dradis/dradis-qualys.git
  revision: 8f018fec02f2baaaaef5fcefeb60b58be0981d92
  branch: release-4.18.0
  specs:
    dradis-qualys (4.18.0)
      dradis-plugins (~> 4.0)
      nokogiri (~> 1.3)

GIT
  remote: https://github.com/dradis/dradis-saint.git
  revision: 828ba3d18879a10b8045bbcbe2420e0299eb0972
  branch: release-4.18.0
  specs:
    dradis-saint (4.18.0)
      dradis-plugins (~> 4.0)
      nokogiri
      rake (~> 13.0)

GIT
  remote: https://github.com/dradis/dradis-veracode.git
  revision: 5482fcde75b250f01831aa02ba8d335ea771db8d
  branch: release-4.18.0
  specs:
    dradis-veracode (4.18.0)
      dradis-plugins (~> 4.0)

GIT
  remote: https://github.com/dradis/dradis-wpscan.git
  revision: c5cdce3cd698924596370f6a3171ed6e50a5f2db
  branch: release-4.18.0
  specs:
    dradis-wpscan (4.18.0)
      dradis-plugins (~> 4.0)
      multi_json

GIT
  remote: https://github.com/dradis/dradis-zap.git
  revision: 579953e19759e34245e5040058f848f7605096c7
  branch: release-4.18.0
  specs:
    dradis-zap (4.18.0)
      dradis-plugins (~> 4.0)
      nokogiri (~> 1.3)

PATH
  remote: engines/dradis-api
  specs:
    dradis-api (4.18.0)
      jbuilder

GEM
  remote: https://rubygems.org/
  specs:
    RedCloth (4.3.4)
    abbrev (0.1.2)
    actioncable (8.0.2.1)
      actionpack (= 8.0.2.1)
      activesupport (= 8.0.2.1)
      nio4r (~> 2.0)
      websocket-driver (>= 0.6.1)
      zeitwerk (~> 2.6)
    actionmailbox (8.0.2.1)
      actionpack (= 8.0.2.1)
      activejob (= 8.0.2.1)
      activerecord (= 8.0.2.1)
      activestorage (= 8.0.2.1)
      activesupport (= 8.0.2.1)
      mail (>= 2.8.0)
    actionmailer (8.0.2.1)
      actionpack (= 8.0.2.1)
      actionview (= 8.0.2.1)
      activejob (= 8.0.2.1)
      activesupport (= 8.0.2.1)
      mail (>= 2.8.0)
      rails-dom-testing (~> 2.2)
    actionpack (8.0.2.1)
      actionview (= 8.0.2.1)
      activesupport (= 8.0.2.1)
      nokogiri (>= 1.8.5)
      rack (>= 2.2.4)
      rack-session (>= 1.0.1)
      rack-test (>= 0.6.3)
      rails-dom-testing (~> 2.2)
      rails-html-sanitizer (~> 1.6)
      useragent (~> 0.16)
    actiontext (8.0.2.1)
      actionpack (= 8.0.2.1)
      activerecord (= 8.0.2.1)
      activestorage (= 8.0.2.1)
      activesupport (= 8.0.2.1)
      globalid (>= 0.6.0)
      nokogiri (>= 1.8.5)
    actionview (8.0.2.1)
      activesupport (= 8.0.2.1)
      builder (~> 3.1)
      erubi (~> 1.11)
      rails-dom-testing (~> 2.2)
      rails-html-sanitizer (~> 1.6)
    activejob (8.0.2.1)
      activesupport (= 8.0.2.1)
      globalid (>= 0.3.6)
    activemodel (8.0.2.1)
      activesupport (= 8.0.2.1)
    activerecord (8.0.2.1)
      activemodel (= 8.0.2.1)
      activesupport (= 8.0.2.1)
      timeout (>= 0.4.0)
    activestorage (8.0.2.1)
      actionpack (= 8.0.2.1)
      activejob (= 8.0.2.1)
      activerecord (= 8.0.2.1)
      activesupport (= 8.0.2.1)
      marcel (~> 1.0)
    activesupport (8.0.2.1)
      base64
      benchmark (>= 0.3)
      bigdecimal
      concurrent-ruby (~> 1.0, >= 1.3.1)
      connection_pool (>= 2.2.5)
      drb
      i18n (>= 1.6, < 2)
      logger (>= 1.4.2)
      minitest (>= 5.1)
      securerandom (>= 0.3)
      tzinfo (~> 2.0, >= 2.0.5)
      uri (>= 0.13.1)
    acts_as_list (0.7.7)
      activerecord (>= 3.0)
    acts_as_tree (2.9.1)
      activerecord (>= 3.0.0)
    addressable (2.8.5)
      public_suffix (>= 2.0.2, < 6.0)
    ast (2.4.3)
    autoprefixer-rails (10.4.13.0)
      execjs (~> 2)
    base64 (0.2.0)
    bcrypt (3.1.12)
    benchmark (0.4.0)
    bigdecimal (3.1.9)
    bindex (0.8.1)
    blankslate (3.1.3)
    bootsnap (1.12.0)
      msgpack (~> 1.2)
    bootstrap (5.2.3)
      autoprefixer-rails (>= 9.1.0)
      popper_js (>= 2.11.6, < 3)
      sassc-rails (>= 2.0.0)
    brakeman (5.4.0)
    builder (3.3.0)
    bundler-audit (0.9.1)
      bundler (>= 1.2.0, < 3)
      thor (~> 1.0)
    byebug (11.1.1)
    cancancan (1.17.0)
    capybara (3.40.0)
      addressable
      matrix
      mini_mime (>= 0.1.3)
      nokogiri (~> 1.11)
      rack (>= 1.6.0)
      rack-test (>= 0.6.3)
      regexp_parser (>= 1.5, < 3.0)
      xpath (~> 3.2)
    chronic (0.10.2)
    coderay (1.1.2)
    coffee-rails (5.0.0)
      coffee-script (>= 2.2.0)
      railties (>= 5.2.0)
    coffee-script (2.4.1)
      coffee-script-source
      execjs
    coffee-script-source (1.12.2)
    concurrent-ruby (1.3.5)
    connection_pool (2.5.3)
    crass (1.0.6)
    csv (3.3.5)
    database_cleaner (2.0.2)
      database_cleaner-active_record (>= 2, < 3)
    database_cleaner-active_record (2.2.0)
      activerecord (>= 5.a)
      database_cleaner-core (~> 2.0.0)
    database_cleaner-core (2.0.1)
    date (3.4.1)
    diff-lcs (1.5.0)
    differ (0.1.2)
    drb (2.2.3)
    erb (5.0.2)
    erubi (1.13.1)
    execjs (2.7.0)
    factory_bot (6.5.4)
      activesupport (>= 6.1.0)
    factory_bot_rails (6.5.0)
      factory_bot (~> 6.5)
      railties (>= 6.1.0)
    ffi (1.15.5)
    font-awesome-sass (6.4.0)
      sassc (~> 2.0)
    foreman (0.87.0)
    formatador (0.2.5)
    globalid (1.2.1)
      activesupport (>= 6.1)
    guard (2.16.1)
      formatador (>= 0.2.4)
      listen (>= 2.7, < 4.0)
      lumberjack (>= 1.0.12, < 2.0)
      nenv (~> 0.1)
      notiffany (~> 0.0)
      pry (>= 0.9.12)
      shellany (~> 0.0)
      thor (>= 0.18.1)
    guard-compat (1.2.1)
    guard-rspec (4.7.3)
      guard (~> 2.1)
      guard-compat (~> 1.1)
      rspec (>= 2.99.0, < 4.0)
    html-pipeline (2.12.3)
      activesupport (>= 2)
      nokogiri (>= 1.4)
    i18n (1.14.7)
      concurrent-ruby (~> 1.0)
    image_size (1.3.1)
    importmap-rails (1.2.1)
      actionpack (>= 6.0.0)
      railties (>= 6.0.0)
    io-console (0.8.1)
    irb (1.15.2)
      pp (>= 0.6.0)
      rdoc (>= 4.0.0)
      reline (>= 0.4.2)
    jbuilder (2.13.0)
      actionview (>= 5.0.0)
      activesupport (>= 5.0.0)
    jquery-fileupload-rails (0.3.5)
      actionpack (>= 3.1)
      railties (>= 3.1)
    jquery-hotkeys-rails (0.7.9.1)
      railties (>= 3.1)
    jquery-rails (4.4.0)
      rails-dom-testing (>= 1, < 3)
      railties (>= 4.2.0)
      thor (>= 0.14, < 2.0)
    json (2.3.0)
    kaminari (1.2.1)
      activesupport (>= 4.1.0)
      kaminari-actionview (= 1.2.1)
      kaminari-activerecord (= 1.2.1)
      kaminari-core (= 1.2.1)
    kaminari-actionview (1.2.1)
      actionview
      kaminari-core (= 1.2.1)
    kaminari-activerecord (1.2.1)
      activerecord
      kaminari-core (= 1.2.1)
    kaminari-core (1.2.1)
    language_server-protocol (3.17.0.5)
    launchy (2.4.3)
      addressable (~> 2.3)
    letter_opener (1.7.0)
      launchy (~> 2.2)
    libv8-node (16.10.0.0)
    libv8-node (16.10.0.0-arm64-darwin)
    libv8-node (16.10.0.0-x86_64-darwin)
    libv8-node (16.10.0.0-x86_64-linux)
    lint_roller (1.1.0)
    liquid (5.0.1)
    listen (3.8.0)
      rb-fsevent (~> 0.10, >= 0.10.3)
      rb-inotify (~> 0.9, >= 0.9.10)
    local_time (2.1.0)
    logger (1.7.0)
    loofah (2.24.1)
      crass (~> 1.0.2)
      nokogiri (>= 1.12.0)
    lumberjack (1.2.4)
    mail (2.8.1)
      mini_mime (>= 0.1.1)
      net-imap
      net-pop
      net-smtp
    marcel (1.0.4)
    matrix (0.4.2)
    method_source (0.9.2)
    mini_mime (1.1.5)
    mini_portile2 (2.8.9)
    mini_racer (0.6.2)
      libv8-node (~> 16.10.0.0)
    minitest (5.25.5)
    mono_logger (1.1.1)
    msgpack (1.5.2)
    multi_json (1.15.0)
    mustermann (2.0.2)
      ruby2_keywords (~> 0.0.1)
    nenv (0.3.0)
    net-imap (0.5.8)
      date
      net-protocol
    net-pop (0.1.2)
      net-protocol
    net-protocol (0.2.2)
      timeout
    net-smtp (0.5.1)
      net-protocol
    nio4r (2.7.4)
    nokogiri (1.18.9)
      mini_portile2 (~> 2.8.2)
      racc (~> 1.4)
    nokogiri (1.18.9-arm64-darwin)
      racc (~> 1.4)
    nokogiri (1.18.9-x86_64-darwin)
      racc (~> 1.4)
    nokogiri (1.18.9-x86_64-linux-gnu)
      racc (~> 1.4)
    notiffany (0.1.3)
      nenv (~> 0.1)
      shellany (~> 0.0)
    paper_trail (16.0.0)
      activerecord (>= 6.1)
      request_store (~> 1.4)
    parallel (1.27.0)
    parser (3.3.9.0)
      ast (~> 2.4.1)
      racc
    parslet (1.6.2)
      blankslate (>= 2.0, <= 4.0)
    popper_js (2.11.7)
    pp (0.6.2)
      prettyprint
    prettyprint (0.2.0)
    prism (1.4.0)
    pry (0.12.2)
      coderay (~> 1.1.0)
      method_source (~> 0.9.0)
    psych (5.2.6)
      date
      stringio
    public_suffix (5.0.3)
    puma (6.6.0)
      nio4r (~> 2.0)
    racc (1.8.1)
    rack (2.2.17)
    rack-mini-profiler (2.3.0)
      rack (>= 1.2.0)
    rack-protection (2.2.3)
      rack
    rack-session (1.0.2)
      rack (< 3)
    rack-test (2.2.0)
      rack (>= 1.3)
    rackup (1.0.1)
      rack (< 3)
      webrick
    rails (8.0.2.1)
      actioncable (= 8.0.2.1)
      actionmailbox (= 8.0.2.1)
      actionmailer (= 8.0.2.1)
      actionpack (= 8.0.2.1)
      actiontext (= 8.0.2.1)
      actionview (= 8.0.2.1)
      activejob (= 8.0.2.1)
      activemodel (= 8.0.2.1)
      activerecord (= 8.0.2.1)
      activestorage (= 8.0.2.1)
      activesupport (= 8.0.2.1)
      bundler (>= 1.15.0)
      railties (= 8.0.2.1)
    rails-dom-testing (2.3.0)
      activesupport (>= 5.0.0)
      minitest
      nokogiri (>= 1.6)
    rails-html-sanitizer (1.6.2)
      loofah (~> 2.21)
      nokogiri (>= 1.15.7, != 1.16.7, != 1.16.6, != 1.16.5, != 1.16.4, != 1.16.3, != 1.16.2, != 1.16.1, != 1.16.0.rc1, != 1.16.0)
    rails_autolink (1.1.8)
      actionview (> 3.1)
      activesupport (> 3.1)
      railties (> 3.1)
    railties (8.0.2.1)
      actionpack (= 8.0.2.1)
      activesupport (= 8.0.2.1)
      irb (~> 1.13)
      rackup (>= 1.0.0)
      rake (>= 12.2)
      thor (~> 1.0, >= 1.2.2)
      zeitwerk (~> 2.6)
    rainbow (3.1.1)
    rake (13.2.1)
    rb-fsevent (0.11.2)
    rb-inotify (0.10.1)
      ffi (~> 1.0)
    rdoc (6.14.2)
      erb
      psych (>= 4.0.0)
    record_tag_helper (1.0.1)
      actionview (>= 5)
    redis (4.7.0)
    redis-namespace (1.8.2)
      redis (>= 3.0.4)
    regexp_parser (2.9.3)
    reline (0.6.2)
      io-console (~> 0.5)
    request_store (1.7.0)
      rack (>= 1.4)
    rerun (0.13.0)
      listen (~> 3.0)
    resque (2.7.0)
      mono_logger (~> 1)
      multi_json (~> 1.0)
      redis-namespace (~> 1.6)
      sinatra (>= 0.9.2)
    rexml (3.3.9)
    rinku (2.0.6)
    rprogram (0.3.2)
    rspec (3.13.0)
      rspec-core (~> 3.13.0)
      rspec-expectations (~> 3.13.0)
      rspec-mocks (~> 3.13.0)
    rspec-core (3.13.1)
      rspec-support (~> 3.13.0)
    rspec-expectations (3.13.3)
      diff-lcs (>= 1.2.0, < 2.0)
      rspec-support (~> 3.13.0)
    rspec-mocks (3.13.2)
      diff-lcs (>= 1.2.0, < 2.0)
      rspec-support (~> 3.13.0)
    rspec-rails (7.0.2)
      actionpack (>= 7.0)
      activesupport (>= 7.0)
      railties (>= 7.0)
      rspec-core (~> 3.13)
      rspec-expectations (~> 3.13)
      rspec-mocks (~> 3.13)
      rspec-support (~> 3.13)
    rspec-support (3.13.1)
    rubocop (1.79.0)
      json (~> 2.3)
      language_server-protocol (~> 3.17.0.2)
      lint_roller (~> 1.1.0)
      parallel (~> 1.10)
      parser (>= 3.3.0.2)
      rainbow (>= 2.2.2, < 4.0)
      regexp_parser (>= 2.9.3, < 3.0)
      rubocop-ast (>= 1.46.0, < 2.0)
      ruby-progressbar (~> 1.7)
      tsort (>= 0.2.0)
      unicode-display_width (>= 2.4.0, < 4.0)
    rubocop-ast (1.46.0)
      parser (>= 3.3.7.2)
      prism (~> 1.4)
    ruby-nmap (0.10.0)
      nokogiri (~> 1.3)
      rprogram (~> 0.3)
    ruby-progressbar (1.13.0)
    ruby2_keywords (0.0.5)
    ruby_audit (3.0.0)
      bundler-audit (~> 0.9.0)
    rubyzip (2.3.2)
    sanitize (6.0.2)
      crass (~> 1.0.2)
      nokogiri (>= 1.12.0)
    sass-rails (6.0.0)
      sassc-rails (~> 2.1, >= 2.1.1)
    sassc (2.4.0)
      ffi (~> 1.9)
    sassc-rails (2.1.2)
      railties (>= 4.0.0)
      sassc (>= 2.0)
      sprockets (> 3.0)
      sprockets-rails
      tilt
    securerandom (0.4.1)
    selenium-webdriver (4.29.1)
      base64 (~> 0.2)
      logger (~> 1.4)
      rexml (~> 3.2, >= 3.2.5)
      rubyzip (>= 1.2.2, < 3.0)
      websocket (~> 1.0)
    shellany (0.0.1)
    shoulda-matchers (4.0.1)
      activesupport (>= 4.2.0)
    simple_form (5.2.0)
      actionpack (>= 5.2)
      activemodel (>= 5.2)
    sinatra (2.2.3)
      mustermann (~> 2.0)
      rack (~> 2.2)
      rack-protection (= 2.2.3)
      tilt (~> 2.0)
    spring (2.1.1)
    sprockets (4.2.1)
      concurrent-ruby (~> 1.0)
      rack (>= 2.2.4, < 4)
    sprockets-rails (3.4.2)
      actionpack (>= 5.2)
      activesupport (>= 5.2)
      sprockets (>= 3.0.0)
    sqlite3 (2.7.2)
      mini_portile2 (~> 2.8.0)
    sqlite3 (2.7.2-arm64-darwin)
    sqlite3 (2.7.2-x86_64-darwin)
    sqlite3 (2.7.2-x86_64-linux-gnu)
    stimulus-rails (1.3.4)
      railties (>= 6.0.0)
    stringio (3.1.7)
    terser (1.1.15)
      execjs (>= 0.3.0, < 3)
    thor (1.4.0)
    thruster (0.1.15)
    thruster (0.1.15-arm64-darwin)
    thruster (0.1.15-x86_64-darwin)
    thruster (0.1.15-x86_64-linux)
    tilt (2.0.11)
    time (0.2.2)
      date
    timecop (0.9.5)
    timeout (0.4.3)
    tsort (0.2.0)
    turbo-rails (2.0.4)
      actionpack (>= 6.0.0)
      activejob (>= 6.0.0)
      railties (>= 6.0.0)
    tzinfo (2.0.6)
      concurrent-ruby (~> 1.0)
    unicode-display_width (3.1.4)
      unicode-emoji (~> 4.0, >= 4.0.4)
    unicode-emoji (4.0.4)
    uri (1.0.3)
    useragent (0.16.11)
    warden (1.2.8)
      rack (>= 2.0.6)
    web-console (4.1.0)
      actionview (>= 6.0.0)
      activemodel (>= 6.0.0)
      bindex (>= 0.4.0)
      railties (>= 6.0.0)
    webrick (1.9.1)
    websocket (1.2.11)
    websocket-driver (0.7.7)
      base64
      websocket-extensions (>= 0.1.0)
    websocket-extensions (0.1.5)
    whenever (1.0.0)
      chronic (>= 0.6.3)
    xpath (3.2.0)
      nokogiri (~> 1.8)
    zeitwerk (2.7.3)

PLATFORMS
  arm64-darwin
  ruby
  x86_64-darwin-21
  x86_64-linux

DEPENDENCIES
  RedCloth (~> 4.3.4)
  abbrev
  acts_as_list (~> 0.7.5)
  acts_as_tree (~> 2.9.1)
  bcrypt (= 3.1.12)
  bootsnap (>= 1.12.0)
  bootstrap (~> 5.2.3)
  brakeman
  builder
  bundler-audit
  byebug
  cancancan (~> 1.10)
  capybara (~> 3.40)
  coffee-rails (~> 5.0)
  csv
  database_cleaner
  differ (~> 0.1.2)
  dradis-acunetix!
  dradis-api!
  dradis-brakeman!
  dradis-burp!
  dradis-calculator_cvss!
  dradis-calculator_dread!
  dradis-calculator_mitre!
  dradis-coreimpact!
  dradis-csv!
  dradis-csv_export!
  dradis-html_export!
  dradis-metasploit!
  dradis-nessus!
  dradis-netsparker!
  dradis-nexpose!
  dradis-nikto!
  dradis-nipper!
  dradis-nmap!
  dradis-ntospider!
  dradis-openvas!
  dradis-pentera!
  dradis-plugins!
  dradis-projects!
  dradis-qualys!
  dradis-saint!
  dradis-veracode!
  dradis-wpscan!
  dradis-zap!
  factory_bot_rails (~> 6.5)
  font-awesome-sass (~> 6.4.0)
  foreman
  guard-rspec
  html-pipeline
  image_size (~> 1.3.0)
  importmap-rails (~> 1.2)
  jbuilder (~> 2.13)
  jquery-fileupload-rails (~> 0.3.4)
  jquery-hotkeys-rails
  jquery-rails
  json (= 2.3.0)
  kaminari (~> 1.2.1)
  letter_opener
  liquid
  listen
  local_time (>= 2.0.0)
  matrix
  mini_racer
  net-imap (>= 0.5.7)
  net-pop
  net-smtp
  nokogiri (>= 1.18.9)
  paper_trail (~> 16.0)
  parslet (~> 1.6.0)
  puma (>= 6.5.0)
  rack-mini-profiler (~> 2.0)
  rails (~> 8.0.2)
  rails-html-sanitizer (~> 1.6.1)
  record_tag_helper
  rerun
  resque
  rinku
  rspec-rails (~> 7.0.0)
  rubocop (= 1.79.0)
  ruby_audit (~> 3.0.0)
  rubyzip (>= 1.2.2)
  sanitize (= 6.0.2)
  sass-rails (~> 6.0)
  selenium-webdriver (~> 4.29)
  shoulda-matchers (~> 4.0.1)
  simple_form
  spring
  sprockets-rails (>= 3.0.0)
  sqlite3
  stimulus-rails
  terser (~> 1.1)
  thor (~> 1.4.0)
  thruster
  time (>= 0.2.2)
  timecop
  turbo-rails (~> 2.0)
  warden (~> 1.2.3)
  web-console (>= 4.1.0)
  whenever

RUBY VERSION
   ruby 3.4.6p54

BUNDLED WITH
   2.3.16
